GEM
  remote: https://rubygems.org/
  specs:
    diff-lcs (1.3)
    hiera (1.3.4)
      json_pure
    json_pure (2.1.0)
    metaclass (0.0.4)
    mocha (1.7.0)
      metaclass (~> 0.0.1)
    rake (12.3.1)
    rspec (3.8.0)
      rspec-core (~> 3.8.0)
      rspec-expectations (~> 3.8.0)
      rspec-mocks (~> 3.8.0)
    rspec-core (3.8.0)
      rspec-support (~> 3.8.0)
    rspec-expectations (3.8.1)
      diff-lcs (>= 1.2.0, < 2.0)
      rspec-support (~> 3.8.0)
    rspec-mocks (3.8.0)
      diff-lcs (>= 1.2.0, < 2.0)
      rspec-support (~> 3.8.0)
    rspec-support (3.8.0)

PLATFORMS
  ruby

DEPENDENCIES
  hiera (= 1.3.4)
  mocha
  rake
  rspec

BUNDLED WITH
   1.16.1
